GIT
  remote: https://github.com/livingsocial/rake-pipeline.git
  revision: 7f0b86214c97efec64907f8d83933b3d82667d5b
  specs:
    rake-pipeline (0.5.0)
      rake (~> 0.9.0)

GIT
  remote: https://github.com/wycats/abbot-from-scratch.git
  revision: 29dfaa6c3c120847e61f742f74c414e4872cc142
  specs:
    sproutcore (0.0.1)

GEM
  remote: http://rubygems.org/
  specs:
    execjs (1.2.12)
      multi_json (~> 1.0)
    multi_json (1.0.4)
    rack (1.3.5)
    rake (0.9.2.2)
    uglifier (1.0.4)
      execjs (>= 0.3.0)
      multi_json (>= 1.0.2)

PLATFORMS
  ruby

DEPENDENCIES
  execjs (~> 1.2.6)
  rack
  rake-pipeline!
  sproutcore!
  uglifier (~> 1.0.3)
